GEM
  remote: http://rubygems.org/
  specs:
    activemodel (3.2.2)
      activesupport (= 3.2.2)
      builder (~> 3.0.0)
    activerecord (3.2.2)
      activemodel (= 3.2.2)
      activesupport (= 3.2.2)
      arel (~> 3.0.2)
      tzinfo (~> 0.3.29)
    activesupport (3.2.2)
      i18n (~> 0.6)
      multi_json (~> 1.0)
    arel (3.0.2)
    builder (3.0.0)
    diff-lcs (1.1.3)
    i18n (0.6.0)
    iconv (0.1)
    json (1.6.5)
    multi_json (1.1.0)
    rake (0.9.2)
    rcov (1.0.0)
    rdoc (3.12)
      json (~> 1.4)
    rspec (2.8.0)
      rspec-core (~> 2.8.0)
      rspec-expectations (~> 2.8.0)
      rspec-mocks (~> 2.8.0)
    rspec-core (2.8.0)
    rspec-expectations (2.8.0)
      diff-lcs (~> 1.1.2)
    rspec-mocks (2.8.0)
    sqlite3 (1.3.5)
    tzinfo (0.3.32)

PLATFORMS
  ruby

DEPENDENCIES
  activerecord (>= 3.0)
  iconv (>= 0.1)
  rake (~> 0.9.2)
  rcov
  rdoc
  rspec (>= 2.4)
  sqlite3
